PATH
  remote: .
  specs:
    foodjunkie_gem (0.1.0)

GEM
  remote: https://rubygems.org/
  specs:
    coderay (1.1.2)
    httparty (0.21.0)
      mini_mime (>= 1.0.0)
      multi_xml (>= 0.5.2)
    method_source (1.0.0)
    mini_mime (1.1.2)
    multi_xml (0.6.0)
    pry (0.13.0)
      coderay (~> 1.1)
      method_source (~> 1.0)
    rake (13.0.1)

PLATFORMS
  ruby

DEPENDENCIES
  bundler (~> 2.0)
  foodjunkie_gem!
  httparty
  pry
  rake (>= 12.3.3)

BUNDLED WITH
   2.1.4
